GEM
  remote: https://rubygems.org/
  specs:
    biodiversity (3.1.2)
      parallel
      parallel (~> 0.6)
      rake (~> 10.0)
      treetop
      treetop (~> 1.4)
      unicode_utils (~> 1.4)
    builder (3.2.2)
    cucumber (1.3.10)
      builder (>= 2.1.2)
      diff-lcs (>= 1.1.3)
      gherkin (~> 2.12)
      multi_json (>= 1.7.5, < 2.0)
      multi_test (>= 0.0.2)
    diff-lcs (1.2.5)
    gherkin (2.12.2)
      multi_json (~> 1.3)
    multi_json (1.8.2)
    multi_test (0.0.2)
    parallel (0.9.1)
    polyglot (0.3.3)
    rake (10.1.0)
    redis (3.0.6)
    rspec (2.14.1)
      rspec-core (~> 2.14.0)
      rspec-expectations (~> 2.14.0)
      rspec-mocks (~> 2.14.0)
    rspec-core (2.14.7)
    rspec-expectations (2.14.4)
      diff-lcs (>= 1.1.3, < 2.0)
    rspec-mocks (2.14.4)
    treetop (1.4.15)
      polyglot
      polyglot (>= 0.3.1)
    unicode_utils (1.4.0)

PLATFORMS
  ruby

DEPENDENCIES
  biodiversity (~> 3.1)
  cucumber (~> 1.3)
  redis (~> 3.0)
  rspec (~> 2.13)
